PATH
  remote: .
  specs:
    funcml-core (0.9.3.pre.patch1)

GEM
  remote: https://rubygems.org/
  specs:
    power_assert (2.0.3)
    rake (13.2.1)
    test-unit (3.6.2)
      power_assert

PLATFORMS
  arm64-darwin-23
  x86_64-linux

DEPENDENCIES
  funcml-core!
  rake (~> 13.0)
  test-unit (~> 3.0)

BUNDLED WITH
   2.4.19
