PATH
  remote: .
  specs:
    funcml-core (1.0.0)

GEM
  remote: https://rubygems.org/
  specs:
    power_assert (2.0.3)
    rake (13.2.1)
    test-unit (3.6.2)
      power_assert

PLATFORMS
  arm-linux
  arm64-darwin-23
  armv7-linux
  universal-darwin-8
  x86-freebsd
  x86_64-linux

DEPENDENCIES
  funcml-core!
  rake (~> 13.0)
  test-unit (~> 3.0)

BUNDLED WITH
   2.4.19
